GEM
  remote: https://rubygems.org/
  specs:
    json (2.1.0)
    mini_portile2 (2.3.0)
    nokogiri (1.8.2)
      mini_portile2 (~> 2.3.0)
    puma (3.11.2)
    rack (2.0.4)
    redis (4.0.1)
    semverse (2.0.0)

PLATFORMS
  ruby

DEPENDENCIES
  json
  nokogiri
  puma
  rack
  redis
  semverse

RUBY VERSION
   ruby 2.3.1p112

BUNDLED WITH
   1.16.1
