GEM
  remote: https://rubygems.org/
  specs:
    json (2.5.1)
    mini_portile2 (2.8.0)
    nio4r (2.5.8)
    nokogiri (1.13.6)
      mini_portile2 (~> 2.8.0)
      racc (~> 1.4)
    puma (5.6.4)
      nio4r (~> 2.0)
    racc (1.6.0)
    rack (2.2.3.1)
    redis (4.4.0)
    semverse (3.0.0)

PLATFORMS
  ruby

DEPENDENCIES
  json
  nokogiri
  puma
  rack
  redis
  semverse

RUBY VERSION
   ruby 2.7.4p191

BUNDLED WITH
   2.1.4
