GEM
  remote: https://rubygems.org/
  specs:
    json (2.1.0)
    mini_portile2 (2.2.0)
    nokogiri (1.8.0)
      mini_portile2 (~> 2.2.0)
    puma (3.9.1)
    rack (2.0.3)
    redis (3.3.3)
    semverse (2.0.0)

PLATFORMS
  ruby

DEPENDENCIES
  json
  nokogiri
  puma
  rack
  redis
  semverse

RUBY VERSION
   ruby 2.3.1p112

BUNDLED WITH
   1.14.6
