GEM
  remote: https://rubygems.org/
  specs:
    json (2.1.0)
    mini_portile2 (2.4.0)
    nokogiri (1.10.4)
      mini_portile2 (~> 2.4.0)
    puma (3.12.0)
    rack (2.0.6)
    redis (4.0.3)
    semverse (2.0.0)

PLATFORMS
  ruby

DEPENDENCIES
  json
  nokogiri
  puma
  rack
  redis
  semverse

RUBY VERSION
   ruby 2.4.3p205

BUNDLED WITH
   1.17.1
